GEM
  remote: https://rubygems.org/
  specs:
    coderay (1.1.0)
    faraday (0.9.0)
      multipart-post (>= 1.2, < 3)
    json (1.7.7)
    method_source (0.8.2)
    multipart-post (2.0.0)
    nokogiri (1.5.6)
    pry (0.10.1)
      coderay (~> 1.1.0)
      method_source (~> 0.8.1)
      slop (~> 3.4)
    rack (1.5.2)
    rack-protection (1.5.3)
      rack
    shotgun (0.9)
      rack (>= 1.0)
    sinatra (1.4.5)
      rack (~> 1.4)
      rack-protection (~> 1.4)
      tilt (~> 1.3, >= 1.3.4)
    slop (3.6.0)
    tilt (1.4.1)
    yummly (0.0.8)
      faraday (>= 0.8.7)
      rack (~> 1.5.2)

PLATFORMS
  ruby

DEPENDENCIES
  json
  nokogiri
  pry
  shotgun
  sinatra
  yummly
